GEM
  remote: https://rubygems.org/
  specs:
    exif (1.0.1)
    ffi (1.9.14)
    ffi-gphoto2 (0.7.0)
      ffi (~> 1.9.0)
    thor (0.19.1)

PLATFORMS
  ruby

DEPENDENCIES
  exif
  ffi-gphoto2
  thor

BUNDLED WITH
   1.12.5
